GEM
  remote: https://rubygems.org/
  specs:
    actionpack (4.0.2)
      activesupport (= 4.0.2)
      builder (~> 3.1.0)
      erubis (~> 2.7.0)
      rack (~> 1.5.2)
      rack-test (~> 0.6.2)
    activesupport (4.0.2)
      i18n (~> 0.6, >= 0.6.4)
      minitest (~> 4.2)
      multi_json (~> 1.3)
      thread_safe (~> 0.1)
      tzinfo (~> 0.3.37)
    atomic (1.1.14)
    builder (3.1.4)
    daemons (1.1.9)
    erubis (2.7.0)
    eventmachine (1.0.3)
    haml (4.0.5)
      tilt
    i18n (0.6.9)
    mini_portile (0.5.2)
    minitest (4.7.5)
    multi_json (1.8.4)
    net-ldap-1 (0.4.0)
    nokogiri (1.6.1)
      mini_portile (~> 0.5.0)
    rack (1.5.2)
    rack-protection (1.5.2)
      rack
    rack-test (0.6.2)
      rack (>= 1.0)
    require_all (1.3.2)
    shotgun (0.9)
      rack (>= 1.0)
    sinatra (1.4.4)
      rack (~> 1.4)
      rack-protection (~> 1.4)
      tilt (~> 1.3, >= 1.3.4)
    sinatra-respond_to (0.9.0)
      sinatra (~> 1.3)
    thin (1.6.1)
      daemons (>= 1.0.9)
      eventmachine (>= 1.0.0)
      rack (>= 1.0.0)
    thread_safe (0.1.3)
      atomic
    tilt (1.4.1)
    tzinfo (0.3.38)

PLATFORMS
  ruby

DEPENDENCIES
  actionpack
  haml
  net-ldap-1
  nokogiri
  require_all
  shotgun
  sinatra
  sinatra-respond_to
  thin
